PATH
  remote: .
  specs:
    db_meta (0.2.3)
      ruby-oci8 (~> 2.2)

GEM
  remote: https://rubygems.org/
  specs:
    diff-lcs (1.3)
    rake (12.3.0)
    rspec (3.7.0)
      rspec-core (~> 3.7.0)
      rspec-expectations (~> 3.7.0)
      rspec-mocks (~> 3.7.0)
    rspec-core (3.7.0)
      rspec-support (~> 3.7.0)
    rspec-expectations (3.7.0)
      diff-lcs (>= 1.2.0, < 2.0)
      rspec-support (~> 3.7.0)
    rspec-mocks (3.7.0)
      diff-lcs (>= 1.2.0, < 2.0)
      rspec-support (~> 3.7.0)
    rspec-support (3.7.0)
    ruby-oci8 (2.2.5)

PLATFORMS
  ruby

DEPENDENCIES
  bundler (~> 1.16)
  db_meta!
  rake (~> 12.2)
  rspec (~> 3.7)

BUNDLED WITH
   1.16.0
