PATH
  remote: .
  specs:
    db_meta (0.1.7)
      ruby-oci8 (~> 2.2.4.1)

GEM
  remote: https://rubygems.org/
  specs:
    diff-lcs (1.3)
    rake (12.0.0)
    rspec (3.6.0)
      rspec-core (~> 3.6.0)
      rspec-expectations (~> 3.6.0)
      rspec-mocks (~> 3.6.0)
    rspec-core (3.6.0)
      rspec-support (~> 3.6.0)
    rspec-expectations (3.6.0)
      diff-lcs (>= 1.2.0, < 2.0)
      rspec-support (~> 3.6.0)
    rspec-mocks (3.6.0)
      diff-lcs (>= 1.2.0, < 2.0)
      rspec-support (~> 3.6.0)
    rspec-support (3.6.0)
    ruby-oci8 (2.2.4.1)

PLATFORMS
  ruby

DEPENDENCIES
  bundler (~> 1.12)
  db_meta!
  rake (~> 12.0.0)
  rspec (~> 3.6.0)

BUNDLED WITH
   1.15.4
